GEM
  remote: http://rubygems.org/
  specs:
    addressable (2.3.3)
    faraday (0.8.6)
      multipart-post (~> 1.1)
    koala (1.6.0)
      addressable (~> 2.2)
      faraday (~> 0.8)
      multi_json (~> 1.3)
    multi_json (1.6.1)
    multipart-post (1.2.0)
    rack (1.5.2)
    sinatra (1.1.0)
      rack (~> 1.1)
      tilt (~> 1.1)
    tilt (1.3.5)

PLATFORMS
  ruby

DEPENDENCIES
  koala
  sinatra (= 1.1.0)
