GEM
  remote: http://rubygems.org/
  specs:
    addressable (2.3.3)
    backports (3.1.1)
    eventmachine (1.0.3)
    faraday (0.8.6)
      multipart-post (~> 1.1)
    hashie (1.2.0)
    httpauth (0.1)
    koala (1.6.0)
      addressable (~> 2.2)
      faraday (~> 0.8)
      multi_json (~> 1.3)
    multi_json (1.6.1)
    multipart-post (1.2.0)
    oauth2 (0.6.1)
      faraday (~> 0.7)
      httpauth (~> 0.1)
      multi_json (~> 1.3)
    omniauth (1.1.0)
      hashie (~> 1.2)
      rack
    omniauth-facebook (1.4.0)
      omniauth-oauth2 (~> 1.0.2)
    omniauth-oauth2 (1.0.2)
      oauth2 (~> 0.6.0)
      omniauth (~> 1.0)
    rack (1.5.2)
    rack-protection (1.5.0)
      rack
    rack-test (0.6.2)
      rack (>= 1.0)
    sinatra (1.3.0)
      rack (~> 1.3)
      rack-protection (~> 1.1)
      tilt (~> 1.3)
    sinatra-contrib (1.3.2)
      backports (>= 2.0)
      eventmachine
      rack-protection
      rack-test
      sinatra (~> 1.3.0)
      tilt (~> 1.3)
    tilt (1.3.6)

PLATFORMS
  ruby

DEPENDENCIES
  koala
  omniauth
  omniauth-facebook
  sinatra (= 1.3.0)
  sinatra-contrib
